GIT
  remote: http://github.com/ronin-ruby/ronin-support.git
  revision: 037d416
  specs:
    ronin-support (0.1.0)
      chars (~> 0.1.2)
      data_paths (~> 0.2.1)

GIT
  remote: http://github.com/ronin-ruby/ronin.git
  revision: bd9af84
  specs:
    ronin (0.4.0)
      activesupport (~> 3.0.0.rc)
      contextify (~> 0.1.6)
      data_paths (~> 0.2.1)
      dm-aggregates (~> 1.0.0)
      dm-constraints (~> 1.0.0)
      dm-core (~> 1.0.0)
      dm-do-adapter (~> 1.0.0)
      dm-is-predefined (~> 0.3.0)
      dm-migrations (~> 1.0.0)
      dm-sqlite-adapter (~> 1.0.0)
      dm-tags (~> 1.0.0)
      dm-timestamps (~> 1.0.0)
      dm-types (~> 1.0.0)
      dm-validations (~> 1.0.0)
      nokogiri (~> 1.4.1)
      open_namespace (~> 0.3.0)
      parameters (~> 0.2.2)
      pullr (~> 0.1.2)
      ronin-support (~> 0.1.0)
      thor (~> 0.14.0)
      tzinfo (~> 0.3.22)

GIT
  remote: http://github.com/technicalpickles/jeweler.git
  revision: 62f2651
  specs:
    jeweler (1.5.0.pre)
      bundler (>= 1.0.0.rc.5)
      git (>= 1.2.5)
      rake

GEM
  remote: https://rubygems.org/
  specs:
    activesupport (3.0.0.rc2)
    addressable (2.2.0)
    chars (0.1.2)
      yard (>= 0.2.3.5)
    contextify (0.1.6)
    data_objects (0.10.2)
      addressable (~> 2.1)
    data_paths (0.2.1)
    diff-lcs (1.1.2)
    dm-aggregates (1.0.0)
      dm-core (~> 1.0.0)
    dm-constraints (1.0.0)
      dm-core (~> 1.0.0)
      dm-migrations (~> 1.0.0)
    dm-core (1.0.0)
      addressable (~> 2.1)
      extlib (~> 0.9.15)
    dm-do-adapter (1.0.0)
      data_objects (~> 0.10.1)
      dm-core (~> 1.0.0)
    dm-is-predefined (0.3.0)
      activesupport (~> 3.0.0.beta3)
      dm-core (~> 1.0.0)
    dm-migrations (1.0.0)
      dm-core (~> 1.0.0)
    dm-sqlite-adapter (1.0.0)
      dm-do-adapter (~> 1.0.0)
      do_sqlite3 (~> 0.10.2)
    dm-tags (1.0.0)
      dm-core (~> 1.0.0)
    dm-timestamps (1.0.0)
      dm-core (~> 1.0.0)
    dm-types (1.0.0)
      dm-core (~> 1.0.0)
      fastercsv (~> 1.5.3)
      json_pure (~> 1.4.3)
      stringex (~> 1.1.0)
      uuidtools (~> 2.1.1)
    dm-validations (1.0.0)
      dm-core (~> 1.0.0)
    do_sqlite3 (0.10.2)
      data_objects (= 0.10.2)
    extlib (0.9.15)
    fastercsv (1.5.3)
    git (1.2.5)
    json_pure (1.4.6)
    nokogiri (1.4.3.1)
    open_namespace (0.3.0)
    parameters (0.2.2)
    pullr (0.1.3)
      addressable (>= 2.1.1)
    rake (0.8.7)
    rdiscount (1.6.5)
    rspec (2.0.0.beta.20)
      rspec-core (= 2.0.0.beta.20)
      rspec-expectations (= 2.0.0.beta.20)
      rspec-mocks (= 2.0.0.beta.20)
    rspec-core (2.0.0.beta.20)
    rspec-expectations (2.0.0.beta.20)
      diff-lcs (>= 1.1.2)
    rspec-mocks (2.0.0.beta.20)
    stringex (1.1.0)
    thor (0.14.0)
    tzinfo (0.3.23)
    uuidtools (2.1.1)
    yard (0.5.8)

PLATFORMS
  ruby

DEPENDENCIES
  bundler (~> 1.0.0)
  data_paths (~> 0.2.1)
  jeweler (~> 1.5.0)!
  open_namespace (~> 0.3.0)
  rake (~> 0.8.7)
  rdiscount (~> 1.6.3)
  ronin (~> 0.4.0)!
  ronin-support (~> 0.1.0)!
  rspec (~> 2.0.0.beta.20)
  thor (~> 0.14.0)
  yard (~> 0.5.3)
